GIT
  remote: git://github.com/adamcooper/vestal_versions
  revision: 6273df5
  specs:
    vestal_versions (1.2.2)
      activerecord (>= 3.0.0)
      activesupport (>= 3.0.0)

GIT
  remote: git://github.com/teambox/choices.git
  revision: 675faa587554c08b0f060fc240974b33fcd3d24d
  specs:
    choices (0.2.0)
      hashie (>= 0.4.0)

GEM
  remote: http://rubygems.org/
  specs:
    SystemTimer (1.2.1)
    abstract (1.0.0)
    actionmailer (3.0.3)
      actionpack (= 3.0.3)
      mail (~> 2.2.9)
    actionpack (3.0.3)
      activemodel (= 3.0.3)
      activesupport (= 3.0.3)
      builder (~> 2.1.2)
      erubis (~> 2.6.6)
      i18n (~> 0.4)
      rack (~> 1.2.1)
      rack-mount (~> 0.6.13)
      rack-test (~> 0.5.6)
      tzinfo (~> 0.3.23)
    activemodel (3.0.3)
      activesupport (= 3.0.3)
      builder (~> 2.1.2)
      i18n (~> 0.4)
    activerecord (3.0.3)
      activemodel (= 3.0.3)
      activesupport (= 3.0.3)
      arel (~> 2.0.2)
      tzinfo (~> 0.3.23)
    activeresource (3.0.3)
      activemodel (= 3.0.3)
      activesupport (= 3.0.3)
    activesupport (3.0.3)
    addressable (2.2.2)
    arel (2.0.6)
    aws-s3 (0.6.2)
      builder
      mime-types
      xml-simple
    builder (2.1.2)
    cancan (1.4.1)
    capybara (0.4.0)
      celerity (>= 0.7.9)
      culerity (>= 0.2.4)
      mime-types (>= 1.16)
      nokogiri (>= 1.3.3)
      rack (>= 1.0.0)
      rack-test (>= 0.5.4)
      selenium-webdriver (>= 0.0.27)
      xpath (~> 0.1.2)
    celerity (0.8.6)
    cgi_multipart_eof_fix (2.5.0)
    childprocess (0.1.6)
      ffi (~> 0.6.3)
    chronic (0.3.0)
    columnize (0.3.2)
    configuration (1.2.0)
    cucumber (0.10.0)
      builder (>= 2.1.2)
      diff-lcs (~> 1.1.2)
      gherkin (~> 2.3.2)
      json (~> 1.4.6)
      term-ansicolor (~> 1.0.5)
    cucumber-rails (0.3.2)
      cucumber (>= 0.8.0)
    culerity (0.2.13)
    daemons (1.1.0)
    database_cleaner (0.5.2)
    diff-lcs (1.1.2)
    erubis (2.6.6)
      abstract (>= 1.0.0)
    factory_girl (1.3.2)
    faraday (0.5.3)
      addressable (~> 2.2.2)
      multipart-post (~> 1.0.1)
      rack (>= 1.1.0, < 2)
    fastthread (1.0.7)
    ffi (0.6.3)
      rake (>= 0.8.7)
    fuubar (0.0.3)
      rspec (~> 2.0)
      rspec-instafail (~> 0.1.4)
      ruby-progressbar (~> 0.0.9)
    gem_plugin (0.2.3)
    gherkin (2.3.3)
      json (~> 1.4.6)
    haml (3.0.25)
    hashie (0.4.0)
    hpricot (0.8.3)
    i18n (0.5.0)
    icalendar (1.1.5)
    immortal (0.1.3)
      activerecord (~> 3.0.3)
    json (1.4.6)
    json_pure (1.4.6)
    launchy (0.3.7)
      configuration (>= 0.0.5)
      rake (>= 0.8.1)
    libxml-ruby (1.1.3)
    linecache (0.43)
    mail (2.2.13)
      activesupport (>= 2.3.6)
      i18n (>= 0.4.0)
      mime-types (~> 1.16)
      treetop (~> 1.4.8)
    memcache-client (1.8.5)
    mime-types (1.16)
    mongrel (1.1.5)
      cgi_multipart_eof_fix (>= 2.4)
      daemons (>= 1.0.3)
      fastthread (>= 1.0.1)
      gem_plugin (>= 0.2.3)
    multi_json (0.0.5)
    multipart-post (1.0.1)
    mysql (2.8.1)
    nokogiri (1.4.4)
    oa-core (0.1.6)
      rack (~> 1.1)
    oa-oauth (0.1.6)
      multi_json (~> 0.0.2)
      nokogiri (~> 1.4.2)
      oa-core (= 0.1.6)
      oauth (~> 0.4.0)
      oauth2 (~> 0.1.0)
    oauth (0.4.4)
    oauth2 (0.1.0)
      faraday (~> 0.5.0)
      multi_json (~> 0.0.4)
    paperclip (2.3.8)
      activerecord
      activesupport
    pg (0.9.0)
    pickle (0.4.4)
      cucumber (>= 0.8)
      rake
      rspec (>= 1.3)
      yard
    polyglot (0.3.1)
    rack (1.2.1)
    rack-mount (0.6.13)
      rack (>= 1.0.0)
    rack-ssl-enforcer (0.2.0)
    rack-test (0.5.6)
      rack (>= 1.0)
    rails (3.0.3)
      actionmailer (= 3.0.3)
      actionpack (= 3.0.3)
      activerecord (= 3.0.3)
      activeresource (= 3.0.3)
      activesupport (= 3.0.3)
      bundler (~> 1.0)
      railties (= 3.0.3)
    railties (3.0.3)
      actionpack (= 3.0.3)
      activesupport (= 3.0.3)
      rake (>= 0.8.7)
      thor (~> 0.14.4)
    rake (0.8.7)
    rcov (0.9.9)
    rdiscount (1.6.5)
    riddle (1.2.2)
    rspec (2.3.0)
      rspec-core (~> 2.3.0)
      rspec-expectations (~> 2.3.0)
      rspec-mocks (~> 2.3.0)
    rspec-core (2.3.1)
    rspec-expectations (2.3.0)
      diff-lcs (~> 1.1.2)
    rspec-instafail (0.1.5)
    rspec-mocks (2.3.0)
    rspec-rails (2.3.1)
      actionpack (~> 3.0)
      activesupport (~> 3.0)
      railties (~> 3.0)
      rspec (~> 2.3.0)
    ruby-debug (0.10.4)
      columnize (>= 0.1)
      ruby-debug-base (~> 0.10.4.0)
    ruby-debug-base (0.10.4)
      linecache (>= 0.3)
    ruby-progressbar (0.0.9)
    rubyzip (0.9.4)
    selenium-webdriver (0.1.2)
      childprocess (~> 0.1.5)
      ffi (~> 0.6.3)
      json_pure
      rubyzip
    sprockets (1.0.2)
    sprockets-rails (0.0.1)
      sprockets (>= 1.0.2)
    sqlite3-ruby (1.2.5)
    teambox-permalink_fu (1.0.1)
    term-ansicolor (1.0.5)
    text-format (1.0.0)
      text-hyphen (~> 1.0.0)
    text-hyphen (1.0.0)
    thinking-sphinx (2.0.1)
      activerecord (>= 3.0.3)
      riddle (>= 1.2.1)
    thor (0.14.6)
    tilt (1.2.1)
    tmail (1.2.7.1)
    treetop (1.4.9)
      polyglot (>= 0.3.1)
    tzinfo (0.3.23)
    webrat (0.7.2)
      nokogiri (>= 1.2.0)
      rack (>= 1.0)
      rack-test (>= 0.5.3)
    whenever (0.4.2)
      chronic (>= 0.2.3)
    will_paginate (2.3.15)
    xml-simple (1.0.12)
    xpath (0.1.2)
      nokogiri (~> 1.3)
    yard (0.6.4)

PLATFORMS
  ruby

DEPENDENCIES
  SystemTimer (~> 1.2.0)
  aws-s3 (~> 0.6.2)
  builder (~> 2.1.2)
  cancan (~> 1.4.1)
  capybara (~> 0.4.0)
  choices!
  cucumber-rails (~> 0.3.2)
  database_cleaner (~> 0.5.0)
  factory_girl (~> 1.3.2)
  fuubar
  haml (~> 3.0.0.beta1)
  hpricot (~> 0.8.2)
  i18n (>= 0.1.3)
  icalendar (~> 1.1.3)
  immortal
  json
  launchy (~> 0.3.7)
  libxml-ruby (= 1.1.3)
  memcache-client (>= 1.7.4)
  mongrel (~> 1.1.5)
  mysql (~> 2.8.1)
  nokogiri
  oa-oauth
  paperclip (~> 2.3.6)
  pg (~> 0.9.0)
  pickle (~> 0.4.4)
  rack-ssl-enforcer
  rails (~> 3.0.3)
  rcov
  rdiscount (~> 1.6.3)
  rspec-rails (~> 2.3.1)
  ruby-debug (~> 0.10.3)
  sprockets-rails (~> 0.0.1)
  sqlite3-ruby (~> 1.2.5)
  teambox-permalink_fu
  text-format (>= 0.6.3)
  thinking-sphinx (= 2.0.1)
  tilt
  tmail (~> 1.2.3)
  tzinfo (~> 0.3.12)
  vestal_versions (~> 1.2.2)!
  webrat
  whenever (~> 0.4.1)
  will_paginate (~> 2.3.14)
