GEM
  remote: http://rubygems.org/
  specs:
    SystemTimer (1.2)
    actionmailer (2.3.10)
      actionpack (= 2.3.10)
    actionpack (2.3.10)
      activesupport (= 2.3.10)
      rack (~> 1.1.0)
    activerecord (2.3.10)
      activesupport (= 2.3.10)
    activeresource (2.3.10)
      activesupport (= 2.3.10)
    activesupport (2.3.10)
    acts-as-list (0.1.2)
    addressable (2.2.2)
    after_commit (1.0.8)
      activerecord (< 3.0.0)
    aws-s3 (0.6.2)
      builder
      mime-types
      xml-simple
    builder (2.1.2)
    cancan (1.2.0)
    capybara (0.3.9)
      culerity (>= 0.2.4)
      mime-types (>= 1.16)
      nokogiri (>= 1.3.3)
      rack (>= 1.0.0)
      rack-test (>= 0.5.4)
      selenium-webdriver (>= 0.0.3)
    cgi_multipart_eof_fix (2.5.0)
    chronic (0.2.3)
      hoe (>= 1.2.1)
    columnize (0.3.1)
    configuration (1.1.0)
    cucumber (0.8.5)
      builder (~> 2.1.2)
      diff-lcs (~> 1.1.2)
      gherkin (~> 2.1.4)
      json_pure (~> 1.4.3)
      term-ansicolor (~> 1.0.4)
    cucumber-rails (0.3.2)
      cucumber (>= 0.8.0)
    culerity (0.2.12)
    daemons (1.1.0)
    database_cleaner (0.5.2)
    diff-lcs (1.1.2)
    factory_girl (1.2.4)
    faraday (0.4.6)
      addressable (>= 2.1.1)
      rack (>= 1.0.1)
    fastthread (1.0.7)
    ffi (0.6.3)
      rake (>= 0.8.7)
    gem_plugin (0.2.3)
    gherkin (2.1.5)
      trollop (~> 1.16.2)
    haml (3.0.18)
    hoe (2.6.2)
      rake (>= 0.8.7)
      rubyforge (>= 2.0.4)
    hpricot (0.8.2)
    i18n (0.4.1)
    icalendar (1.1.5)
    json (1.4.6)
    json_pure (1.4.6)
    launchy (0.3.7)
      configuration (>= 0.0.5)
      rake (>= 0.8.1)
    libxml-ruby (1.1.3)
    linecache (0.43)
    memcache-client (1.8.5)
    mime-types (1.16)
    mongrel (1.1.5)
      cgi_multipart_eof_fix (>= 2.4)
      daemons (>= 1.0.3)
      fastthread (>= 1.0.1)
      gem_plugin (>= 0.2.3)
    multi_json (0.0.4)
    mysql (2.8.1)
    nokogiri (1.4.3.1)
    oa-core (0.0.5)
      rack (~> 1.1)
    oa-oauth (0.0.1)
      json
      nokogiri
      oa-core (~> 0.0.0)
      oauth
      oauth2
    oauth (0.3.6)
      ruby-hmac (>= 0.3.1)
    oauth2 (0.0.13)
      faraday (~> 0.4.1)
      multi_json (>= 0.0.4)
    paperclip (2.3.1.1)
    pg (0.9.0)
    pickle (0.2.12)
    rack (1.1.0)
    rack-test (0.5.4)
      rack (>= 1.0)
    rails (2.3.10)
      actionmailer (= 2.3.10)
      actionpack (= 2.3.10)
      activerecord (= 2.3.10)
      activeresource (= 2.3.10)
      activesupport (= 2.3.10)
      rake (>= 0.8.3)
    rake (0.8.7)
    rdiscount (1.6.5)
    riddle (1.1.0)
    rspec (1.3.0)
    rspec-rails (1.3.2)
      rack (>= 1.0.0)
      rspec (>= 1.3.0)
    ruby-debug (0.10.3)
      columnize (>= 0.1)
      ruby-debug-base (~> 0.10.3.0)
    ruby-debug-base (0.10.3)
      linecache (>= 0.3)
    ruby-hmac (0.4.0)
    rubyforge (2.0.4)
      json_pure (>= 1.1.7)
    rubyzip (0.9.4)
    selenium-webdriver (0.0.28)
      ffi (>= 0.6.1)
      json_pure
      rubyzip
    sprockets (1.0.2)
    sprockets-rails (0.0.1)
      sprockets (>= 1.0.2)
    sqlite3-ruby (1.2.5)
    term-ansicolor (1.0.5)
    text-format (1.0.0)
      text-hyphen (~> 1.0.0)
    text-hyphen (1.0.0)
    thinking-sphinx (1.3.20)
      activerecord (>= 1.15.6, < 3.0.0)
      after_commit (>= 1.0.6)
      riddle (>= 1.0.10)
    tmail (1.2.7.1)
    trollop (1.16.2)
    tzinfo (0.3.23)
    vestal_versions (1.0.2)
      activerecord (>= 2.1.0)
    whenever (0.4.2)
      chronic (>= 0.2.3)
    will_paginate (2.3.15)
    xml-simple (1.0.12)

PLATFORMS
  ruby

DEPENDENCIES
  SystemTimer (~> 1.2.0)
  acts-as-list (~> 0.1.2)
  aws-s3 (~> 0.6.2)
  builder (~> 2.1.2)
  cancan (~> 1.2.0)
  capybara (~> 0.3.5)
  cucumber-rails (~> 0.3.0)
  database_cleaner (~> 0.5.0)
  factory_girl (~> 1.2.3)
  haml (~> 3.0.0.beta1)
  hpricot (~> 0.8.2)
  i18n (>= 0.1.3)
  icalendar (~> 1.1.3)
  json
  launchy (~> 0.3.5)
  libxml-ruby (= 1.1.3)
  memcache-client (>= 1.7.4)
  mongrel (~> 1.1.5)
  mysql (~> 2.8.1)
  oa-oauth
  paperclip (~> 2.3.1.1)
  pg (~> 0.9.0)
  pickle (~> 0.2.1)
  rails (~> 2.3.5)
  rdiscount (~> 1.6.3)
  rspec-rails (~> 1.3.2)
  ruby-debug (~> 0.10.3)
  sprockets-rails (~> 0.0.1)
  sqlite3-ruby (~> 1.2.5)
  text-format (>= 0.6.3)
  thinking-sphinx (~> 1.3.15)
  tmail (~> 1.2.3)
  tzinfo (~> 0.3.12)
  vestal_versions (~> 1.0.2)
  whenever (~> 0.4.1)
  will_paginate (~> 2.3.14)
